GEM
  remote: https://rubygems.org/
  specs:
    memoize (1.3.1)
      test-unit (>= 2.0.2)
    test-unit (2.5.3)

PLATFORMS
  ruby

DEPENDENCIES
  memoize
