GEM
  remote: https://rubygems.org/
  specs:
    memoist (0.2.0)

PLATFORMS
  ruby

DEPENDENCIES
  memoist
